GIT
  remote: https://github.com/zdavatz/spreadsheet
  revision: 0f860fbd4f457f51331c873603efc4d5f7d5dc94
  specs:
    spreadsheet (1.3.0)
      ruby-ole

GEM
  remote: https://gems.ruby-china.com/
  specs:
    coderay (1.1.3)
    concurrent-ruby (1.1.10)
    diff-lcs (1.5.0)
    faker (2.20.0)
      i18n (>= 1.8.11, < 2)
    i18n (1.10.0)
      concurrent-ruby (~> 1.0)
    method_source (1.0.0)
    nokogiri (1.13.3-x86_64-darwin)
      racc (~> 1.4)
    pry (0.14.1)
      coderay (~> 1.1)
      method_source (~> 1.0)
    racc (1.6.0)
    rack (2.0.9)
    rspec (3.11.0)
      rspec-core (~> 3.11.0)
      rspec-expectations (~> 3.11.0)
      rspec-mocks (~> 3.11.0)
    rspec-core (3.11.0)
      rspec-support (~> 3.11.0)
    rspec-expectations (3.11.0)
      diff-lcs (>= 1.2.0, < 2.0)
      rspec-support (~> 3.11.0)
    rspec-mocks (3.11.0)
      diff-lcs (>= 1.2.0, < 2.0)
      rspec-support (~> 3.11.0)
    rspec-support (3.11.0)
    ruby-ole (1.2.12.2)

PLATFORMS
  x86_64-darwin-21

DEPENDENCIES
  faker
  nokogiri
  pry
  rack (~> 2.0.1)
  rspec
  spreadsheet!

RUBY VERSION
   ruby 2.6.8p205

BUNDLED WITH
   2.2.24
